PATH
  remote: .
  specs:
    xcknife (0.9.0)

GEM
  remote: https://gems.vip.global.square/
  remote: https://gems.vip.global.square/private/
  specs:
    diff-lcs (1.3)
    rake (11.1.2)
    rangeclient (0.0.17)
    rspec (3.4.0)
      rspec-core (~> 3.4.0)
      rspec-expectations (~> 3.4.0)
      rspec-mocks (~> 3.4.0)
    rspec-core (3.4.4)
      rspec-support (~> 3.4.0)
    rspec-expectations (3.4.0)
      diff-lcs (>= 1.2.0, < 2.0)
      rspec-support (~> 3.4.0)
    rspec-mocks (3.4.1)
      diff-lcs (>= 1.2.0, < 2.0)
      rspec-support (~> 3.4.0)
    rspec-support (3.4.1)
    sq-gem_tasks (1.7.1)
      bundler (~> 1.6)
      rangeclient (>= 0.0.12)

PLATFORMS
  ruby

DEPENDENCIES
  bundler (~> 1.12)
  rake (~> 11.1.1)
  rspec (~> 3.4.0)
  sq-gem_tasks (~> 1.0)
  xcknife!

BUNDLED WITH
   1.17.3
